GIT
  remote: git@github.com:newrelic-platform/newrelic_plugin.git
  revision: b09225a4d3a6cd226c78a64e7846aa34dcdfb250
  specs:
    newrelic_plugin (0.2.10)
      faraday (>= 0.8.1)
      json

GEM
  remote: http://rubygems.org/
  specs:
    activesupport (3.2.11)
      i18n (~> 0.6)
      multi_json (~> 1.0)
    bourne (1.1.2)
      mocha (= 0.10.5)
    faraday (0.8.4)
      multipart-post (~> 1.1)
    i18n (0.6.1)
    json (1.7.6)
    metaclass (0.0.1)
    mocha (0.10.5)
      metaclass (~> 0.0.1)
    multi_json (1.5.0)
    multipart-post (1.1.5)
    rake (10.0.3)
    rdoc (3.12)
      json (~> 1.4)
    shoulda (3.3.2)
      shoulda-context (~> 1.0.1)
      shoulda-matchers (~> 1.4.1)
    shoulda-context (1.0.2)
    shoulda-matchers (1.4.2)
      activesupport (>= 3.0.0)
      bourne (~> 1.1.2)
    snmp (1.1.0)
    test-unit (2.5.4)

PLATFORMS
  ruby

DEPENDENCIES
  mocha
  newrelic_plugin!
  rake (> 0.9.2)
  rdoc (> 2.4.2)
  shoulda
  snmp
  test-unit
